GIT
  remote: https://github.com/everypolitician/everypolitician-ruby.git
  revision: 20582b1512358a0e8789ea289201e37ab5f085c2
  specs:
    everypolitician (0.20.0)
      everypolitician-popolo (>= 0.8.0)
      require_all

GEM
  remote: https://rubygems.org/
  specs:
    addressable (2.5.0)
      public_suffix (~> 2.0, >= 2.0.2)
    chunky_png (1.3.8)
    coderay (1.1.1)
    compass (1.0.3)
      chunky_png (~> 1.2)
      compass-core (~> 1.0.2)
      compass-import-once (~> 1.0.5)
      rb-fsevent (>= 0.9.3)
      rb-inotify (>= 0.9)
      sass (>= 3.3.13, < 3.5)
    compass-core (1.0.3)
      multi_json (~> 1.0)
      sass (>= 3.3.0, < 3.5)
    compass-import-once (1.0.5)
      sass (>= 3.2, < 3.5)
    crack (0.4.3)
      safe_yaml (~> 1.0.0)
    everypolitician-popolo (0.8.0)
      require_all
    ffi (1.9.14)
    hashdiff (0.3.0)
    method_source (0.8.2)
    mini_portile2 (2.1.0)
    minitest (5.10.1)
    multi_json (1.12.1)
    nokogiri (1.6.8.1)
      mini_portile2 (~> 2.1.0)
    pry (0.10.4)
      coderay (~> 1.1.0)
      method_source (~> 0.8.1)
      slop (~> 3.4)
    public_suffix (2.0.4)
    rack (1.6.5)
    rack-protection (1.5.3)
      rack
    rack-test (0.6.3)
      rack (>= 1.0)
    rake (12.0.0)
    rb-fsevent (0.9.8)
    rb-inotify (0.9.7)
      ffi (>= 0.5.0)
    rdiscount (2.2.0.1)
    require_all (1.3.3)
    safe_yaml (1.0.4)
    sass (3.4.22)
    sinatra (1.4.7)
      rack (~> 1.5)
      rack-protection (~> 1.4)
      tilt (>= 1.3, < 3)
    slop (3.6.0)
    tilt (2.0.5)
    webmock (2.1.0)
      addressable (>= 2.3.6)
      crack (>= 0.3.2)
      hashdiff

PLATFORMS
  ruby

DEPENDENCIES
  compass
  everypolitician (~> 0.20.0)!
  minitest
  nokogiri (>= 1.6.7)
  pry
  rack-test
  rake
  rdiscount
  sinatra
  webmock

RUBY VERSION
   ruby 2.3.1p112

BUNDLED WITH
   1.13.6
